GEM
  remote: http://rubygems.org/
  specs:
    activemodel (3.0.5)
      activesupport (= 3.0.5)
      builder (~> 2.1.2)
      i18n (~> 0.4)
    activerecord (3.0.5)
      activemodel (= 3.0.5)
      activesupport (= 3.0.5)
      arel (~> 2.0.2)
      tzinfo (~> 0.3.23)
    activesupport (3.0.5)
    arel (2.0.9)
    builder (2.1.2)
    columnize (0.3.2)
    highline (1.6.1)
    hpricot (0.8.4)
    i18n (0.5.0)
    libxml-ruby (1.1.4)
    linecache (0.43)
    mime-types (1.16)
    rest-client (1.6.1)
      mime-types (>= 1.16)
    ruby-debug (0.10.4)
      columnize (>= 0.1)
      ruby-debug-base (~> 0.10.4.0)
    ruby-debug-base (0.10.4)
      linecache (>= 0.3)
    tzinfo (0.3.25)

PLATFORMS
  ruby

DEPENDENCIES
  activerecord (= 3.0.5)
  activesupport (= 3.0.5)
  highline
  hpricot (= 0.8.4)
  libxml-ruby (= 1.1.4)
  mime-types
  rest-client
  ruby-debug
